GIT
  remote: https://github.com/alphagov/devise_security_extension.git
  revision: 4d14ed4c9ae8f23da0e9d5de2b6b69d9b53cd73d
  branch: 4d14ed4c9ae8f23da0e9d5de2b6b69d9b53cd73d
  specs:
    devise_security_extension (0.7.2)
      devise (>= 2.0.0)
      rails (>= 3.1.1)

GEM
  remote: https://rubygems.org/
  specs:
    PriorityQueue (0.1.2)
    actionmailer (3.2.22.5)
      actionpack (= 3.2.22.5)
      mail (~> 2.5.4)
    actionpack (3.2.22.5)
      activemodel (= 3.2.22.5)
      activesupport (= 3.2.22.5)
      builder (~> 3.0.0)
      erubis (~> 2.7.0)
      journey (~> 1.0.4)
      rack (~> 1.4.5)
      rack-cache (~> 1.2)
      rack-test (~> 0.6.1)
      sprockets (~> 2.2.1)
    activemodel (3.2.22.5)
      activesupport (= 3.2.22.5)
      builder (~> 3.0.0)
    activerecord (3.2.22.5)
      activemodel (= 3.2.22.5)
      activesupport (= 3.2.22.5)
      arel (~> 3.0.2)
      tzinfo (~> 0.3.29)
    activeresource (3.2.22.5)
      activemodel (= 3.2.22.5)
      activesupport (= 3.2.22.5)
    activesupport (3.2.22.5)
      i18n (~> 0.6, >= 0.6.4)
      multi_json (~> 1.0)
    addressable (2.3.6)
    airbrake (3.1.15)
      builder
      multi_json
    alphabetical_paginate (2.3.2)
    ancestry (2.0.0)
      activerecord (>= 3.0.0)
    arel (3.0.3)
    aws-ses (0.6.0)
      builder
      mail (> 2.2.5)
      mime-types
      xml-simple
    bcrypt (3.1.9)
    bcrypt-ruby (3.1.5)
      bcrypt (>= 3.1.3)
    builder (3.0.4)
    cancan (1.6.10)
    capybara (2.14.0)
      addressable
      mime-types (>= 1.16)
      nokogiri (>= 1.3.3)
      rack (>= 1.0.0)
      rack-test (>= 0.5.4)
      xpath (~> 2.0)
    celluloid (0.16.0)
      timers (~> 4.0.0)
    chronic (0.10.2)
    ci_reporter (1.7.0)
      builder (>= 2.1.2)
    cliver (0.3.2)
    connection_pool (2.1.0)
    crack (0.4.2)
      safe_yaml (~> 1.0.0)
    daemons (1.2.4)
    database_cleaner (0.7.2)
    devise (2.2.5)
      bcrypt-ruby (~> 3.0)
      orm_adapter (~> 0.1)
      railties (~> 3.1)
      warden (~> 1.2.1)
    devise-async (0.8.0)
      devise (>= 2.2, < 3.2)
    devise-encryptable (0.1.1)
      devise (>= 2.1.0.rc)
    devise_invitable (1.1.5)
      actionmailer (~> 3.0)
      devise (>= 2.1.1)
      railties (~> 3.0)
    devise_zxcvbn (1.1.0)
      devise
      zxcvbn-ruby (>= 0.0.2)
    docile (1.1.5)
    doorkeeper (1.4.1)
      railties (>= 3.1)
    dotenv (2.2.1)
    dotenv-rails (2.2.1)
      dotenv (= 2.2.1)
      railties (>= 3.2, < 5.2)
    erubis (2.7.0)
    eventmachine (1.2.3)
    factory_girl (4.3.0)
      activesupport (>= 3.0.0)
    factory_girl_rails (4.3.0)
      factory_girl (~> 4.3.0)
      railties (>= 3.0.0)
    foreman (0.83.0)
      thor (~> 0.19.1)
    gds-api-adapters (7.11.0)
      link_header
      lrucache (~> 0.1.1)
      null_logger
      plek
      rest-client (~> 1.6.3)
    hike (1.2.3)
    hitimes (1.2.2)
    i18n (0.8.4)
    journey (1.0.4)
    jquery-rails (3.1.4)
      railties (>= 3.0, < 5.0)
      thor (>= 0.14, < 2.0)
    json (1.7.7)
    kaminari (0.17.0)
      actionpack (>= 3.0.0)
      activesupport (>= 3.0.0)
    link_header (0.0.8)
    logstash-event (1.1.5)
    logstasher (0.4.8)
      logstash-event (~> 1.1.0)
    lrucache (0.1.4)
      PriorityQueue (~> 0.1.2)
    macaddr (1.7.1)
      systemu (~> 2.6.2)
    mail (2.5.4)
      mime-types (~> 1.16)
      treetop (~> 1.4.8)
    metaclass (0.0.4)
    mime-types (1.25.1)
    mini_portile2 (2.2.0)
    mocha (0.13.3)
      metaclass (~> 0.0.1)
    multi_json (1.12.1)
    mysql2 (0.3.17)
    nokogiri (1.8.0)
      mini_portile2 (~> 2.2.0)
    null_logger (0.0.1)
    orm_adapter (0.5.0)
    plek (2.0.0)
    poltergeist (1.5.0)
      capybara (~> 2.1)
      cliver (~> 0.3.1)
      multi_json (~> 1.0)
      websocket-driver (>= 0.2.0)
    polyglot (0.3.5)
    quiet_assets (1.0.3)
      railties (>= 3.1, < 5.0)
    rack (1.4.7)
    rack-cache (1.7.0)
      rack (>= 0.4)
    rack-ssl (1.3.4)
      rack
    rack-test (0.6.3)
      rack (>= 1.0)
    rails (3.2.22.5)
      actionmailer (= 3.2.22.5)
      actionpack (= 3.2.22.5)
      activerecord (= 3.2.22.5)
      activeresource (= 3.2.22.5)
      activesupport (= 3.2.22.5)
      bundler (~> 1.0)
      railties (= 3.2.22.5)
    rails_12factor (0.0.3)
      rails_serve_static_assets
      rails_stdout_logging
    rails_serve_static_assets (0.0.5)
    rails_stdout_logging (0.0.5)
    railties (3.2.22.5)
      actionpack (= 3.2.22.5)
      activesupport (= 3.2.22.5)
      rack-ssl (~> 1.3.2)
      rake (>= 0.8.7)
      rdoc (~> 3.4)
      thor (>= 0.14.6, < 2.0)
    rake (12.0.0)
    rdoc (3.12.2)
      json (~> 1.4)
    redis (3.0.6)
    redis-namespace (1.5.1)
      redis (~> 3.0, >= 3.0.4)
    rest-client (1.6.8)
      mime-types (~> 1.16)
      rdoc (>= 2.4.2)
    safe_yaml (1.0.4)
    shoulda (3.0.1)
      shoulda-context (~> 1.0.0)
      shoulda-matchers (~> 1.0.0)
    shoulda-context (1.0.2)
    shoulda-matchers (1.0.0)
    sidekiq (2.17.2)
      celluloid (>= 0.15.2)
      connection_pool (>= 1.0.0)
      json
      redis (>= 3.0.6)
      redis-namespace (>= 1.3.1)
    sidekiq-statsd (0.1.2)
      activesupport
      sidekiq (>= 2.5, < 3.0)
      statsd-ruby (>= 1.1.0)
    simplecov (0.9.2)
      docile (~> 1.1.0)
      multi_json (~> 1.0)
      simplecov-html (~> 0.9.0)
    simplecov-html (0.9.0)
    simplecov-rcov (0.2.3)
      simplecov (>= 0.4.1)
    sprockets (2.2.3)
      hike (~> 1.2)
      multi_json (~> 1.0)
      rack (~> 1.0)
      tilt (~> 1.1, != 1.3.0)
    sqlite3 (1.3.10)
    statsd-ruby (1.1.0)
    systemu (2.6.4)
    test-unit (2.5.2)
    thin (1.7.0)
      daemons (~> 1.0, >= 1.0.9)
      eventmachine (~> 1.0, >= 1.0.4)
      rack (>= 1, < 3)
    thor (0.19.4)
    tilt (1.4.1)
    timecop (0.8.1)
    timers (4.0.1)
      hitimes
    treetop (1.4.15)
      polyglot
      polyglot (>= 0.3.1)
    tzinfo (0.3.53)
    uuid (2.3.7)
      macaddr (~> 1.0)
    warden (1.2.3)
      rack (>= 1.0)
    webmock (1.17.3)
      addressable (>= 2.2.7)
      crack (>= 0.3.2)
    websocket-driver (0.4.0)
    whenever (0.9.7)
      chronic (>= 0.6.3)
    xml-simple (1.1.4)
    xpath (2.1.0)
      nokogiri (~> 1.3)
    zxcvbn-ruby (0.0.2)

PLATFORMS
  ruby

DEPENDENCIES
  airbrake (= 3.1.15)
  alphabetical_paginate (= 2.3.2)
  ancestry (= 2.0.0)
  aws-ses
  cancan (= 1.6.10)
  capybara (= 2.14.0)
  ci_reporter (= 1.7.0)
  database_cleaner (= 0.7.2)
  devise (= 2.2.5)
  devise-async (= 0.8.0)
  devise-encryptable (= 0.1.1)
  devise_invitable (= 1.1.5)
  devise_security_extension!
  devise_zxcvbn (= 1.1.0)
  doorkeeper (~> 1.0)
  dotenv-rails
  factory_girl_rails (= 4.3.0)
  foreman (< 0.84.0)
  gds-api-adapters (= 7.11.0)
  jquery-rails
  json (= 1.7.7)
  kaminari (= 0.17.0)
  logstasher (= 0.4.8)
  mocha (= 0.13.3)
  mysql2
  plek (= 2.0.0)
  poltergeist (= 1.5.0)
  quiet_assets
  rails (~> 3.2.22)
  rails_12factor
  redis (= 3.0.6)
  shoulda (= 3.0.1)
  sidekiq (= 2.17.2)
  sidekiq-statsd (= 0.1.2)
  simplecov (= 0.9.2)
  simplecov-rcov (= 0.2.3)
  sqlite3
  statsd-ruby (= 1.1.0)
  test-unit (= 2.5.2)
  thin
  timecop (= 0.8.1)
  uuid
  webmock (= 1.17.3)
  whenever (= 0.9.7)

RUBY VERSION
   ruby 1.9.3p551

BUNDLED WITH
   1.13.7
